GEM
  remote: https://rubygems.org/
  specs:
    CFPropertyList (2.3.2)
    awesome_print (1.7.0)
    builder (3.2.2)
    calabash (1.2.1)
      calabash-android (~> 0.4.9)
      calabash-cucumber (~> 0.9.157)
      xamarin-test-cloud (~> 0.9.25)
    calabash-android (0.4.21)
      awesome_print
      cucumber
      escape (~> 0.0.4)
      httpclient (~> 2.3.2)
      json
      retriable (~> 1.3.3.1)
      rubyzip (~> 0.9.9)
      slowhandcuke
      xamarin-test-cloud (>= 0.9.23)
    calabash-common (0.0.2)
    calabash-cucumber (0.9.169)
      CFPropertyList
      awesome_print
      bundler (~> 1.1)
      calabash-common (~> 0.0.1)
      cucumber (~> 1.3.0)
      edn
      geocoder (~> 1.1.8)
      httpclient (~> 2.3.3)
      json
      run_loop (~> 0.2.1)
      sim_launcher (~> 0.4.11)
      slowhandcuke
      xamarin-test-cloud (~> 0.9.27)
    cs-bdd (0.1.8)
      bundler (>= 1.7)
      gherkin (= 2.12.2)
      i18n (>= 0.6.11)
      rake (>= 10.0)
      thor (>= 0.19.1)
    cucumber (1.3.20)
      builder (>= 2.1.2)
      diff-lcs (>= 1.1.3)
      gherkin (~> 2.12)
      multi_json (>= 1.7.5, < 2.0)
      multi_test (>= 0.1.2)
    diff-lcs (1.2.5)
    edn (1.1.1)
    escape (0.0.4)
    geocoder (1.1.9)
    gherkin (2.12.2)
      multi_json (~> 1.3)
    httpclient (2.3.4.1)
    i18n (0.7.0)
    json (2.0.2)
    magic_encoding (0.0.2)
    mime-types (1.25.1)
    multi_json (1.12.1)
    multi_test (0.1.2)
    rack (1.6.4)
    rack-protection (1.5.3)
      rack
    rake (11.2.2)
    rest-client (1.6.9)
      mime-types (~> 1.16)
    retriable (1.3.3.1)
    rubyzip (0.9.9)
    run_loop (0.2.1)
      json
      thor
    sim_launcher (0.4.13)
      sinatra
    sinatra (1.4.7)
      rack (~> 1.5)
      rack-protection (~> 1.4)
      tilt (>= 1.3, < 3)
    slowhandcuke (0.0.3)
      cucumber
    thor (0.19.1)
    tilt (2.0.5)
    xamarin-test-cloud (0.9.34)
      bundler (>= 1.3.0, < 2.0)
      json
      mime-types (< 2.0)
      rest-client (~> 1.6.7)
      retriable (~> 1.3.3.1)
      rubyzip (~> 0.9.9)
      thor (>= 0.18.1)

PLATFORMS
  x64-mingw32

DEPENDENCIES
  calabash
  calabash-common
  cs-bdd
  cucumber
  magic_encoding

BUNDLED WITH
   1.12.5
